GEM
  remote: https://rubygems.org/
  specs:
    docile (1.3.1)
    json (2.1.0-java)
    minitest (5.11.3)
    rake (12.0.0)
    redis (4.0.2)
    simplecov (0.16.1)
      docile (~> 1.1)
      json (>= 1.8, < 3)
      simplecov-html (~> 0.10.0)
    simplecov-html (0.10.2)

PLATFORMS
  java

DEPENDENCIES
  minitest (~> 5.11.3)
  rake
  redis
  simplecov

BUNDLED WITH
   1.16.2
